GEM
  remote: https://rubygems.org/
  specs:
    activemodel (6.0.2.1)
      activesupport (= 6.0.2.1)
    activerecord (6.0.2.1)
      activemodel (= 6.0.2.1)
      activesupport (= 6.0.2.1)
    activesupport (6.0.2.1)
      concurrent-ruby (~> 1.0, >= 1.0.2)
      i18n (>= 0.7, < 2)
      minitest (~> 5.1)
      tzinfo (~> 1.1)
      zeitwerk (~> 2.2)
    addressable (2.7.0)
      public_suffix (>= 2.0.2, < 5.0)
    bcrypt (3.1.13)
    bcrypt-ruby (3.1.5)
      bcrypt (>= 3.1.3)
    concurrent-ruby (1.1.6)
    data_mapper (1.2.0)
      dm-aggregates (~> 1.2.0)
      dm-constraints (~> 1.2.0)
      dm-core (~> 1.2.0)
      dm-migrations (~> 1.2.0)
      dm-serializer (~> 1.2.0)
      dm-timestamps (~> 1.2.0)
      dm-transactions (~> 1.2.0)
      dm-types (~> 1.2.0)
      dm-validations (~> 1.2.0)
    dm-aggregates (1.2.0)
      dm-core (~> 1.2.0)
    dm-constraints (1.2.0)
      dm-core (~> 1.2.0)
    dm-core (1.2.1)
      addressable (~> 2.3)
    dm-migrations (1.2.0)
      dm-core (~> 1.2.0)
    dm-serializer (1.2.2)
      dm-core (~> 1.2.0)
      fastercsv (~> 1.5)
      json (~> 1.6)
      json_pure (~> 1.6)
      multi_json (~> 1.0)
    dm-timestamps (1.2.0)
      dm-core (~> 1.2.0)
    dm-transactions (1.2.0)
      dm-core (~> 1.2.0)
    dm-types (1.2.2)
      bcrypt-ruby (~> 3.0)
      dm-core (~> 1.2.0)
      fastercsv (~> 1.5)
      json (~> 1.6)
      multi_json (~> 1.0)
      stringex (~> 1.4)
      uuidtools (~> 2.1)
    dm-validations (1.2.0)
      dm-core (~> 1.2.0)
    dotenv (2.1.1)
    fastercsv (1.5.5)
    ffi (1.12.2)
    i18n (1.8.2)
      concurrent-ruby (~> 1.0)
    json (1.8.6)
    json_pure (1.8.6)
    listen (3.2.1)
      rb-fsevent (~> 0.10, >= 0.10.3)
      rb-inotify (~> 0.9, >= 0.9.10)
    minitest (5.14.0)
    multi_json (1.14.1)
    mustermann (1.1.1)
      ruby2_keywords (~> 0.0.1)
    pg (1.2.2)
    public_suffix (4.0.3)
    rack (2.2.2)
    rack-protection (2.0.8.1)
      rack
    rake (13.0.1)
    rb-fsevent (0.10.3)
    rb-inotify (0.10.1)
      ffi (~> 1.0)
    rerun (0.13.0)
      listen (~> 3.0)
    ruby2_keywords (0.0.2)
    sinatra (2.0.8.1)
      mustermann (~> 1.0)
      rack (~> 2.0)
      rack-protection (= 2.0.8.1)
      tilt (~> 2.0)
    sinatra-activerecord (2.0.14)
      activerecord (>= 3.2)
      sinatra (>= 1.0)
    stringex (1.5.1)
    thread_safe (0.3.6)
    tilt (2.0.10)
    tzinfo (1.2.6)
      thread_safe (~> 0.1)
    uuidtools (2.1.5)
    zeitwerk (2.3.0)

PLATFORMS
  ruby

DEPENDENCIES
  activerecord (~> 6.0)
  data_mapper (~> 1.2)
  dotenv (= 2.1.1)
  pg (~> 1.2)
  rake (~> 13.0)
  rerun (~> 0.13.0)
  sinatra-activerecord (~> 2.0)

BUNDLED WITH
   1.16.1
